GEM
  remote: https://rubygems.org/
  specs:
    multipart-post (2.1.1)

PLATFORMS
  x86_64-linux

DEPENDENCIES
  multipart-post

RUBY VERSION
   ruby 3.0.1p64

BUNDLED WITH
   2.2.16
